GEM
  remote: https://rubygems.org/
  specs:
    sqlite3 (1.7.3-x64-mingw-ucrt)

PLATFORMS
  x64-mingw-ucrt

DEPENDENCIES
  sqlite3 (~> 1.4)

BUNDLED WITH
   2.6.3
